PATH
  remote: .
  specs:
    spork-minitest (0.0.3)
      spork

GEM
  remote: http://rubygems.org/
  specs:
    spork (0.9.2)

PLATFORMS
  ruby

DEPENDENCIES
  spork-minitest!
